PATH
  remote: .
  specs:
    predicated (0.2.2)

GEM
  remote: http://rubygems.org/
  specs:
    ParseTree (3.0.7)
      RubyInline (>= 3.7.0)
      sexp_processor (>= 3.0.0)
    RubyInline (3.9.0)
      ZenTest (~> 4.3)
    ZenTest (4.5.0)
    activemodel (3.0.7)
      activesupport (= 3.0.7)
      builder (~> 2.1.2)
      i18n (~> 0.5.0)
    activerecord (3.0.7)
      activemodel (= 3.0.7)
      activesupport (= 3.0.7)
      arel (~> 2.0.2)
      tzinfo (~> 0.3.23)
    activesupport (3.0.7)
    arel (2.0.9)
    bson (1.3.0)
    builder (2.1.2)
    diff (0.3.6)
    diff-lcs (1.1.2)
    i18n (0.5.0)
    json (1.1.9)
    minitest (2.1.0)
    mongo (1.3.0)
      bson (>= 1.3.0)
    mongo_mapper (0.9.0)
      activemodel (~> 3.0.0)
      activesupport (~> 3.0.0)
      plucky (~> 0.3.6)
    nokogiri (1.4.4)
    plucky (0.3.8)
      mongo (~> 1.3)
    polyglot (0.3.1)
    ruby2ruby (1.2.5)
      ruby_parser (~> 2.0)
      sexp_processor (~> 3.0)
    ruby_parser (2.0.6)
      sexp_processor (~> 3.0)
    sexp_processor (3.0.5)
    sqlite3 (1.3.3)
    sqlite3-ruby (1.3.3)
      sqlite3 (>= 1.3.3)
    treetop (1.4.9)
      polyglot (>= 0.3.1)
    tzinfo (0.3.27)
    wrong (0.3.3)
      ParseTree (>= 3.0.5)
      diff (>= 0.3.6)
      diff-lcs (>= 1.1.2)
      predicated (>= 0.2.1)
      ruby2ruby (>= 1.2.4)
      ruby_parser (>= 2.0.4)

PLATFORMS
  ruby

DEPENDENCIES
  ParseTree
  activerecord (~> 3.0.0.beta)
  diff
  diff-lcs
  i18n
  json (= 1.1.9)
  minitest
  mongo_mapper (= 0.9.0)
  nokogiri
  predicated!
  ruby2ruby
  ruby_parser
  sqlite3-ruby
  treetop (~> 1.4.8)
  wrong (= 0.3.3)
